GEM
  remote: https://rubygems.org/
  specs:
    ast (2.4.2)
    file-tail (1.2.0)
      tins (~> 1.0)
    json (2.6.3)
    minitest (5.18.1)
    parallel (1.23.0)
    parser (3.2.2.3)
      ast (~> 2.4.1)
      racc
    racc (1.7.1)
    rainbow (3.1.1)
    rake (13.0.6)
    regexp_parser (2.8.1)
    rexml (3.2.5)
    rubocop (1.52.1)
      json (~> 2.3)
      parallel (~> 1.10)
      parser (>= 3.2.2.3)
      rainbow (>= 2.2.2, < 4.0)
      regexp_parser (>= 1.8, < 3.0)
      rexml (>= 3.2.5, < 4.0)
      rubocop-ast (>= 1.28.0, < 2.0)
      ruby-progressbar (~> 1.7)
      unicode-display_width (>= 2.4.0, < 3.0)
    rubocop-ast (1.29.0)
      parser (>= 3.2.1.0)
    ruby-progressbar (1.13.0)
    ruby2ruby (2.5.0)
      ruby_parser (~> 3.1)
      sexp_processor (~> 4.6)
    ruby_parser (3.20.2)
      sexp_processor (~> 4.16)
    sexp_processor (4.17.0)
    sourcify (0.5.0)
      file-tail (>= 1.0.5)
      ruby2ruby (>= 1.2.5)
      ruby_parser (>= 2.0.5)
      sexp_processor (>= 3.0.5)
    sync (0.5.0)
    tins (1.32.1)
      sync
    unicode-display_width (2.4.2)

PLATFORMS
  ruby
  x86_64-darwin-19

DEPENDENCIES
  minitest
  rake
  rubocop
  ruby2ruby
  sourcify

BUNDLED WITH
   2.4.14
